GEM
  remote: https://rubygems.org/
  specs:
    httparty (0.13.7)
      json (~> 1.8)
      multi_xml (>= 0.5.2)
    json (1.8.3)
    multi_xml (0.5.5)
    puma (3.0.2)
    rack (1.6.4)
    roda (2.11.0)
      rack

PLATFORMS
  ruby

DEPENDENCIES
  httparty
  puma
  roda

BUNDLED WITH
   1.11.2
